{
  "AcquisitionMatrixPE": 300,
  "AcquisitionNumber": 1,
  "AcquisitionTime": "15:00:3.895000",
  "BaseResolution": 320,
  "ConversionSoftware": "dcm2niix",
  "ConversionSoftwareVersion": "X",
  "DeviceSerialNumber": "X",
  "DwellTime": Y
  "EchoTime": X,
  "ImageComments": "DENOISED_IMAGE_(lambda_=_40)",
  "InPlanePhaseEncodingDirectionDICOM": "ROW",
  "InstitutionAddress": "X",
  "InstitutionName": "X",
  "InstitutionalDepartmentName": "Department",
  "MRAcquisitionType": "3D",
  "MagneticFieldStrength": 6.98,
  "Manufacturer": "Siemens",
  "ManufacturersModelName": "Investigational_Device_7T",
  "Modality": "MR",
  "ParallelReductionFactorInPlane": 3,
  "PartialFourier": 0.75,
  "PatientPosition": "HFS",
  "PercentPhaseFOV": 93.75,
  "PhaseEncodingSteps": 226,
  "PhaseResolution": 1,
  "PixelBandwidth": 248,
  "ProcedureStepDescription": "X",
  "ProtocolName": "mp2rage.75iso etc",
  "ReceiveCoilName": "32Ch_Head_7T",
  "ReconMatrixPE": 320,
  "RepetitionTime": 4.3,
  "SAR": 0.129715,
  "ScanOptions": "IR_PFP_WE",
  "ScanningSequence": "",
  "SequenceName": "",
  "SequenceVariant": "SP_MP",
  "SeriesNumber": 6,
  "SliceThickness": 0.75,
  "SoftwareVersions": "syngo_MR_B17",
  "StationName": "MRC18975",
  "TxRefAmp": 240}
